GIT
  remote: git://github.com/watersofoblivion/snappy.git
  revision: edfca68d9b513102e62496e04cb1198cb94ef359
  specs:
    snappy (0.0.4)

PATH
  remote: .
  specs:
    kafka-rb (0.0.12)
      snappy (>= 0.0.4)

GEM
  remote: https://rubygems.org/
  specs:
    diff-lcs (1.1.3)
    rake (0.9.2.2)
    rspec (2.11.0)
      rspec-core (~> 2.11.0)
      rspec-expectations (~> 2.11.0)
      rspec-mocks (~> 2.11.0)
    rspec-core (2.11.1)
    rspec-expectations (2.11.3)
      diff-lcs (~> 1.1.3)
    rspec-mocks (2.11.2)

PLATFORMS
  ruby

DEPENDENCIES
  kafka-rb!
  rake
  rspec
  snappy!
